GEM
  remote: https://rubygems.org/
  specs:
    RedCloth (4.2.9)
    activesupport (3.1.6)
      multi_json (>= 1.0, < 1.3)
    hoe (3.0.6)
      rake (~> 0.8)
    hpricot (0.8.6)
    i18n (0.6.0)
    memcache-client (1.8.5)
    multi_json (1.2.0)
    newgem (1.5.2)
      RedCloth (>= 4.1.1)
      activesupport (>= 2.0.2)
      rubigen (>= 1.5.2)
      syntax (>= 1.0.0)
    rake (0.9.2.2)
    rubigen (1.5.8)
      activesupport (>= 2.3.5, < 3.2.0)
    syntax (1.0.0)

PLATFORMS
  ruby

DEPENDENCIES
  activesupport (>= 2.0.2)
  hoe
  hpricot (>= 0.6)
  i18n
  memcache-client (>= 1.7.1)
  newgem
  rubigen
